GEM
  remote: http://rubygems.org/
  specs:
    bouncy-castle-java (1.5.0146.1)
    crack (0.1.8)
    httparty (0.7.8)
      crack (= 0.1.8)
    jruby-openssl (0.7.4)
      bouncy-castle-java
    json (1.5.3-java)
    neography (0.0.14)
      httparty (~> 0.7.3)
      json
    rake (0.9.2)

PLATFORMS
  java

DEPENDENCIES
  jruby-openssl
  neography
  rake
